PATH
  remote: .
  specs:
    rails-browscap (0.1.0)
      browscap (~> 0.1.0)
      inifile (~> 0.4.0)

GEM
  remote: http://rubygems.org/
  specs:
    browscap (0.1.0)
    inifile (0.4.0)

PLATFORMS
  ruby

DEPENDENCIES
  browscap (~> 0.1.0)
  inifile (~> 0.4.0)
  rails-browscap!
